PATH
  remote: .
  specs:
    cv_generator (0.0.1)
      linkedin (~> 1.0.0)
      prawn (~> 1.2.1)

GEM
  remote: https://rubygems.org/
  specs:
    hashie (3.3.0)
    linkedin (1.0.0)
      hashie (~> 3.0)
      multi_json (~> 1.0)
      oauth (~> 0.4)
    multi_json (1.10.1)
    oauth (0.4.7)
    pdf-core (0.2.5)
    prawn (1.2.1)
      pdf-core (~> 0.2.5)
      ttfunk (~> 1.2.0)
    ttfunk (1.2.2)

PLATFORMS
  ruby

DEPENDENCIES
  cv_generator!
