PATH
  remote: .
  specs:
    cv_generator (0.0.3)
      linkedin (~> 1.0.0)
      prawn (~> 1.2.1)

GEM
  remote: https://rubygems.org/
  specs:
    diff-lcs (1.2.5)
    hashie (3.3.1)
    linkedin (1.0.0)
      hashie (~> 3.0)
      multi_json (~> 1.0)
      oauth (~> 0.4)
    multi_json (1.10.1)
    oauth (0.4.7)
    pdf-core (0.2.5)
    prawn (1.2.1)
      pdf-core (~> 0.2.5)
      ttfunk (~> 1.2.0)
    rake (10.3.2)
    rspec (2.14.1)
      rspec-core (~> 2.14.0)
      rspec-expectations (~> 2.14.0)
      rspec-mocks (~> 2.14.0)
    rspec-core (2.14.8)
    rspec-expectations (2.14.5)
      diff-lcs (>= 1.1.3, < 2.0)
    rspec-mocks (2.14.6)
    ttfunk (1.2.2)

PLATFORMS
  ruby

DEPENDENCIES
  bundler (~> 1.5)
  cv_generator!
  rake (~> 10.3.1)
  rspec (~> 2.14.1)
